GEM
  remote: http://rubygems.org/
  specs:
    addressable (2.4.0)
    array_utility (1.1.1)
    curb (0.9.3)
    faraday (0.9.2)
      multipart-post (>= 1.2, < 3)
    faraday-http-cache (1.3.0)
      faraday (~> 0.8)
    ghuls-lib (2.3.2)
      faraday-http-cache (>= 1.2.2)
      net-http-persistent (>= 2.9.4)
      octokit (>= 4.3.0)
      string-utility (>= 2.7.1)
    github-calendar (1.2.0)
      curb (>= 0.9.1)
      nokogiri (>= 1.6.7.2)
      string-utility (>= 2.7.1)
    highline (1.7.8)
    mini_portile2 (2.0.0)
    multipart-post (2.0.0)
    net-http-persistent (2.9.4)
    nokogiri (1.6.7.2)
      mini_portile2 (~> 2.0.0.rc2)
    octokit (4.3.0)
      sawyer (~> 0.7.0, >= 0.5.3)
    options (2.3.2)
    paint (1.0.1)
    progress_bar (1.0.5)
      highline (~> 1.6)
      options (~> 2.3.0)
    sawyer (0.7.0)
      addressable (>= 2.3.5, < 2.5)
      faraday (~> 0.8, < 0.10)
    string-utility (2.7.2)

PLATFORMS
  ruby

DEPENDENCIES
  array_utility (~> 1.1)
  ghuls-lib (~> 2.3)
  github-calendar (~> 1.0)
  paint (~> 1.0)
  progress_bar (~> 1.0)
  string-utility (~> 2.7)

BUNDLED WITH
   1.11.2
