GEM
  remote: http://rubygems.org/
  specs:
    addressable (2.3.8)
    faraday (0.9.2)
      multipart-post (>= 1.2, < 3)
    ghuls-lib (1.1.3)
      octokit (>= 4.0.1)
      string-utility (>= 2.5.0)
    highline (1.7.8)
    multipart-post (2.0.0)
    octokit (4.1.1)
      sawyer (~> 0.6.0, >= 0.5.3)
    options (2.3.2)
    progress_bar (1.0.5)
      highline (~> 1.6)
      options (~> 2.3.0)
    rainbow (2.0.0)
    sawyer (0.6.0)
      addressable (~> 2.3.5)
      faraday (~> 0.8, < 0.10)
    string-utility (2.5.1)

PLATFORMS
  ruby

DEPENDENCIES
  ghuls-lib (>= 1.1.3)
  octokit (>= 4.0.1)
  progress_bar (>= 1.0.5)
  rainbow (>= 2.0.0)
  string-utility (>= 2.5.0)

BUNDLED WITH
   1.10.6
